GEM
  remote: http://rubygems.org/
  specs:
    actionmailer (2.3.3)
      actionpack (= 2.3.3)
    actionpack (2.3.3)
      activesupport (= 2.3.3)
      rack (~> 1.0.0)
    activerecord (2.3.3)
      activesupport (= 2.3.3)
    activeresource (2.3.3)
      activesupport (= 2.3.3)
    activesupport (2.3.3)
    authlogic (2.1.6)
      activesupport
    builder (2.1.2)
    capybara (0.4.0)
      celerity (>= 0.7.9)
      culerity (>= 0.2.4)
      mime-types (>= 1.16)
      nokogiri (>= 1.3.3)
      rack (>= 1.0.0)
      rack-test (>= 0.5.4)
      selenium-webdriver (>= 0.0.27)
      xpath (~> 0.1.2)
    celerity (0.8.6)
    childprocess (0.1.4)
      ffi (~> 0.6.3)
    chronic (0.2.3)
      hoe (>= 1.2.1)
    columnize (0.3.1)
    configuration (1.2.0)
    cucumber (0.9.4)
      builder (~> 2.1.2)
      diff-lcs (~> 1.1.2)
      gherkin (~> 2.2.9)
      json (~> 1.4.6)
      term-ansicolor (~> 1.0.5)
    cucumber-rails (0.3.2)
      cucumber (>= 0.8.0)
    culerity (0.2.12)
    diff-lcs (1.1.2)
    factory_girl (1.3.2)
    faker (0.3.1)
    ffi (0.6.3)
      rake (>= 0.8.7)
    gherkin (2.2.9)
      json (~> 1.4.6)
      term-ansicolor (~> 1.0.5)
    haml (3.0.25)
    hoe (2.8.0)
      rake (>= 0.8.7)
    hpricot (0.8.3)
    json (1.4.6)
    json_pure (1.4.6)
    launchy (0.3.7)
      configuration (>= 0.0.5)
      rake (>= 0.8.1)
    linecache (0.43)
    mime-types (1.16)
    mysql (2.8.1)
    newrelic_rpm (2.9.9)
    nokogiri (1.4.4)
    pickle (0.4.4)
      cucumber (>= 0.8)
      rake
      rspec (>= 1.3)
      yard
    rack (1.0.1)
    rack-test (0.5.6)
      rack (>= 1.0)
    rails (2.3.3)
      actionmailer (= 2.3.3)
      actionpack (= 2.3.3)
      activerecord (= 2.3.3)
      activeresource (= 2.3.3)
      activesupport (= 2.3.3)
      rake (>= 0.8.3)
    rake (0.8.7)
    rcov (0.9.9)
    rdiscount (1.3.5)
    rspec (1.3.1)
    rspec-rails (1.3.3)
      rack (>= 1.0.0)
      rspec (= 1.3.1)
    ruby-debug (0.10.3)
      columnize (>= 0.1)
      ruby-debug-base (~> 0.10.3.0)
    ruby-debug-base (0.10.3)
      linecache (>= 0.3)
    rubyzip (0.9.4)
    selenium-webdriver (0.1.1)
      childprocess (= 0.1.4)
      ffi (~> 0.6.3)
      json_pure
      rubyzip
    shoulda (2.11.3)
    term-ansicolor (1.0.5)
    will_paginate (2.3.15)
    xpath (0.1.2)
      nokogiri (~> 1.3)
    yard (0.6.3)

PLATFORMS
  ruby

DEPENDENCIES
  authlogic (~> 2.1.1)
  capybara (~> 0.4.0)
  chronic (~> 0.2.3)
  cucumber (~> 0.9.3)
  cucumber-rails (~> 0.3.2)
  factory_girl (~> 1.3.2)
  faker (~> 0.3.1)
  haml
  hpricot (~> 0.8.1)
  launchy (~> 0.3.7)
  mysql
  newrelic_rpm (~> 2.9.5)
  pickle (~> 0.4.2)
  rails (= 2.3.3)
  rcov (~> 0.9.9)
  rdiscount (~> 1.3.5)
  rspec (~> 1.3.1)
  rspec-rails (~> 1.3.2)
  ruby-debug
  shoulda (~> 2.11.3)
  will_paginate (~> 2.3.11)
  xpath (~> 0.1.2)
