GEM
  remote: http://rubygems.org/
  specs:
    actionmailer (2.3.14)
      actionpack (= 2.3.14)
    actionpack (2.3.14)
      activesupport (= 2.3.14)
      rack (~> 1.1.0)
    activerecord (2.3.14)
      activesupport (= 2.3.14)
    activeresource (2.3.14)
      activesupport (= 2.3.14)
    activesupport (2.3.14)
    addressable (2.2.2)
    authlogic (2.1.6)
      activesupport
    chronic (0.2.3)
      hoe (>= 1.2.1)
    crack (0.1.8)
    factory_girl (1.3.2)
    faker (0.3.1)
    haml (3.0.25)
    hoe (2.8.0)
      rake (>= 0.8.7)
    hpricot (0.8.3)
    json (1.4.6)
    mysql (2.8.1)
    rack (1.1.3)
    rack-recaptcha (0.2.2)
      json
    rails (2.3.14)
      actionmailer (= 2.3.14)
      actionpack (= 2.3.14)
      activerecord (= 2.3.14)
      activeresource (= 2.3.14)
      activesupport (= 2.3.14)
      rake (>= 0.8.3)
    rake (0.9.2.2)
    rdiscount (1.3.5)
    rspec (1.3.1)
    rspec-rails (1.3.3)
      rack (>= 1.0.0)
      rspec (= 1.3.1)
    shoulda (2.11.3)
    vcr (1.4.0)
    webmock (1.6.1)
      addressable (>= 2.2.2)
      crack (>= 0.1.7)
    will_paginate (2.3.15)

PLATFORMS
  ruby

DEPENDENCIES
  authlogic (~> 2.1.1)
  chronic (~> 0.2.3)
  factory_girl (~> 1.3.2)
  faker (~> 0.3.1)
  haml
  hpricot (~> 0.8.1)
  mysql
  rack-recaptcha
  rails (= 2.3.14)
  rdiscount (~> 1.3.5)
  rspec (~> 1.3.1)
  rspec-rails (~> 1.3.2)
  shoulda (~> 2.11.3)
  vcr
  webmock
  will_paginate (~> 2.3.11)
